PATH
  remote: .
  specs:
    excel_to_code (0.3.18.beta.1)
      ffi (~> 1.9, >= 1.9.18)
      minitest (~> 5.11, >= 5.11.1)
      ox (~> 2.8, >= 2.8.2)
      rspec (~> 3.7)
      rubypeg (~> 0, >= 0.0.4)

GEM
  remote: http://rubygems.org/
  specs:
    diff-lcs (1.3)
    ffi (1.9.25)
    minitest (5.11.3)
    ox (2.9.4)
    rake (12.3.0)
    rspec (3.7.0)
      rspec-core (~> 3.7.0)
      rspec-expectations (~> 3.7.0)
      rspec-mocks (~> 3.7.0)
    rspec-core (3.7.1)
      rspec-support (~> 3.7.0)
    rspec-expectations (3.7.0)
      diff-lcs (>= 1.2.0, < 2.0)
      rspec-support (~> 3.7.0)
    rspec-mocks (3.7.0)
      diff-lcs (>= 1.2.0, < 2.0)
      rspec-support (~> 3.7.0)
    rspec-support (3.7.1)
    rubypeg (0.0.4)
      rubyscriptwriter
    rubyscriptwriter (0.0.2)

PLATFORMS
  ruby

DEPENDENCIES
  excel_to_code!
  rake (~> 12)

BUNDLED WITH
   1.16.1
